GEM
  remote: http://rubygems.org/
  specs:
    addressable (2.3.2)
    chunky_png (1.2.6)
    coderay (1.0.7)
    compass (0.12.2)
      chunky_png (~> 1.2)
      fssm (>= 0.2.7)
      sass (~> 3.1)
    compass-normalize (1.3)
      compass (>= 0.11.5)
    daemons (1.1.9)
    eventmachine (0.12.10)
    excon (0.16.2)
    fssm (0.2.9)
    heroku (2.31.2)
      heroku-api (~> 0.3.4)
      launchy (>= 0.3.2)
      netrc (~> 0.7.7)
      rest-client (~> 1.6.1)
      rubyzip
    heroku-api (0.3.4)
      excon (~> 0.16.1)
    launchy (2.1.2)
      addressable (~> 2.3)
    method_source (0.8)
    mime-types (1.19)
    netrc (0.7.7)
    pry (0.9.10)
      coderay (~> 1.0.5)
      method_source (~> 0.8)
      slop (~> 3.3.1)
    pry-doc (0.4.4)
      pry (>= 0.9.9.6)
      yard (~> 0.8.1)
    rack (1.4.1)
    rack-protection (1.2.0)
      rack
    redcarpet (2.1.1)
    rest-client (1.6.7)
      mime-types (>= 1.16)
    rubyzip (0.9.9)
    sass (3.2.1)
    shotgun (0.9)
      rack (>= 1.0)
    sinatra (1.3.3)
      rack (~> 1.3, >= 1.3.6)
      rack-protection (~> 1.2)
      tilt (~> 1.3, >= 1.3.3)
    sinatra-content-for2 (0.3)
      sinatra
    slop (3.3.3)
    thin (1.4.1)
      daemons (>= 1.0.9)
      eventmachine (>= 0.12.6)
      rack (>= 1.0.0)
    tilt (1.3.3)
    yard (0.8.2.1)

PLATFORMS
  ruby

DEPENDENCIES
  compass-normalize
  heroku
  pry
  pry-doc
  redcarpet
  shotgun
  sinatra
  sinatra-content-for2
  thin
